GEM
  remote: https://rubygems.org/
  specs:
    aws_cf_signer (0.1.3)
    cloudinary (1.24.0)
      aws_cf_signer
      rest-client (>= 2.0.0)
    domain_name (0.5.20190701)
      unf (>= 0.0.5, < 1.0.0)
    dotenv (2.8.1)
    grabzit (3.5.2)
      rake
    http-accept (1.7.0)
    http-cookie (1.0.5)
      domain_name (~> 0.5)
    mime-types (3.4.1)
      mime-types-data (~> 3.2015)
    mime-types-data (3.2022.0105)
    mini_magick (4.12.0)
    net-http (0.3.2)
      uri
    netrc (0.11.0)
    oj (3.14.1)
    rake (13.0.6)
    rest-client (2.1.0)
      http-accept (>= 1.7.0, < 2.0)
      http-cookie (>= 1.0.2, < 2.0)
      mime-types (>= 1.16, < 4.0)
      netrc (~> 0.8)
    unf (0.1.4)
      unf_ext
    unf_ext (0.0.8.2)
    uri (0.12.0)

PLATFORMS
  x86_64-linux

DEPENDENCIES
  cloudinary (~> 1.24.0)
  dotenv
  grabzit (~> 3.5.2)
  mini_magick (~> 4.12.0)
  net-http
  oj

BUNDLED WITH
   2.3.11
