GEM
  remote: https://rubygems.org/
  specs:
    dotenv (2.8.1)
    grabzit (3.5.2)
      rake
    mini_magick (4.12.0)
    net-http (0.3.2)
      uri
    oj (3.14.1)
    rake (13.0.6)
    uri (0.12.0)

PLATFORMS
  x86_64-linux

DEPENDENCIES
  dotenv
  grabzit (~> 3.5.2)
  mini_magick (~> 4.12.0)
  net-http
  oj

BUNDLED WITH
   2.3.11
